PATH
  remote: .
  specs:
    video-dl (1.0.0)
      commander

GEM
  remote: http://rubygems.org/
  specs:
    commander (4.3.7)
      highline (~> 1.7.2)
    highline (1.7.8)
    mini_portile2 (2.0.0)
    nokogiri (1.6.7.2)
      mini_portile2 (~> 2.0.0.rc2)

PLATFORMS
  ruby

DEPENDENCIES
  commander
  nokogiri
  video-dl!

BUNDLED WITH
   1.11.2
