PATH
  remote: .
  specs:
    video-dl (1.1.0)
      commander

GEM
  remote: http://rubygems.org/
  specs:
    commander (4.4.0)
      highline (~> 1.7.2)
    highline (1.7.8)
    mini_portile2 (2.1.0)
    nokogiri (1.6.8)
      mini_portile2 (~> 2.1.0)
      pkg-config (~> 1.1.7)
    pkg-config (1.1.7)

PLATFORMS
  ruby

DEPENDENCIES
  commander (~> 4.4)
  nokogiri
  video-dl!

BUNDLED WITH
   1.12.5
